PATH
  remote: .
  specs:
    jinx-json (2.1.1)
      bundler
      jinx
      json_pure

PATH
  remote: /Users/loneyf/workspace/jinx/core
  specs:
    jinx (2.1.1)
      bundler

GEM
  remote: http://rubygems.org/
  specs:
    columnize (0.3.6)
    diff-lcs (1.1.3)
    json_pure (1.6.3)
    rake (0.9.2.2)
    rspec (2.9.0)
      rspec-core (~> 2.9.0)
      rspec-expectations (~> 2.9.0)
      rspec-mocks (~> 2.9.0)
    rspec-core (2.9.0)
    rspec-expectations (2.9.1)
      diff-lcs (~> 1.1.3)
    rspec-mocks (2.9.0)
    ruby-debug (0.10.4)
      columnize (>= 0.1)
      ruby-debug-base (~> 0.10.4.0)
    ruby-debug-base (0.10.4-java)

PLATFORMS
  java

DEPENDENCIES
  jinx!
  jinx-json!
  rake
  rspec (>= 2.6)
  ruby-debug
